PATH
  remote: .
  specs:
    hbase-stargate (1.6.1)
      faraday
      yajl-ruby

GEM
  remote: http://rubygems.org/
  specs:
    diff-lcs (1.2.5)
    faraday (0.9.0)
      multipart-post (>= 1.2, < 3)
    json (1.6.1-java)
    multipart-post (2.0.0)
    rake (10.3.2)
    rspec (2.99.0)
      rspec-core (~> 2.99.0)
      rspec-expectations (~> 2.99.0)
      rspec-mocks (~> 2.99.0)
    rspec-core (2.99.2)
    rspec-expectations (2.99.2)
      diff-lcs (>= 1.1.3, < 2.0)
    rspec-mocks (2.99.2)
    yajl-ruby (0.8.1)

PLATFORMS
  java
  ruby

DEPENDENCIES
  faraday
  hbase-stargate!
  json
  rake
  rspec (~> 2.99.0)
  yajl-ruby
